PATH
  remote: .
  specs:
    bitcoin_unit_converter (0.1.0)
      bigdecimal (~> 3.0)

GEM
  remote: https://rubygems.org/
  specs:
    ansi (1.5.0)
    bigdecimal (3.1.2)
    builder (3.2.4)
    minitest (5.15.0)
    minitest-reporters (1.5.0)
      ansi
      builder
      minitest (>= 5.0)
      ruby-progressbar
    rake (13.0.6)
    ruby-progressbar (1.11.0)

PLATFORMS
  ruby

DEPENDENCIES
  bitcoin_unit_converter!
  minitest (~> 5.0)
  minitest-reporters (~> 1.5)
  rake (~> 13.0)

BUNDLED WITH
   2.1.4
